PATH
  remote: .
  specs:
    simplecolor (0.2.0)

GEM
  remote: https://rubygems.org/
  specs:
    coderay (1.1.1)
    method_source (0.8.2)
    pry (0.10.3)
      coderay (~> 1.1.0)
      method_source (~> 0.8.1)
      slop (~> 3.4)
    rubygems-tasks (0.2.4)
    slop (3.6.0)
    yard (0.8.7.6)

PLATFORMS
  ruby

DEPENDENCIES
  pry (~> 0.1)
  rubygems-tasks (~> 0.2)
  simplecolor!
  yard (~> 0.8)

BUNDLED WITH
   1.11.2
